PATH
  remote: .
  specs:
    csv_diff (1.0.0)
      sqlite3

GEM
  remote: https://rubygems.org/
  specs:
    diff-lcs (1.6.0)
    mini_portile2 (2.8.8)
    rake (13.2.1)
    rspec (3.13.0)
      rspec-core (~> 3.13.0)
      rspec-expectations (~> 3.13.0)
      rspec-mocks (~> 3.13.0)
    rspec-core (3.13.2)
      rspec-support (~> 3.13.0)
    rspec-expectations (3.13.3)
      diff-lcs (>= 1.2.0, < 2.0)
      rspec-support (~> 3.13.0)
    rspec-mocks (3.13.2)
      diff-lcs (>= 1.2.0, < 2.0)
      rspec-support (~> 3.13.0)
    rspec-support (3.13.2)
    sqlite3 (1.7.3)
      mini_portile2 (~> 2.8.0)

PLATFORMS
  aarch64-linux
  arm64-darwin
  ruby
  x86_64-darwin
  x86_64-linux

DEPENDENCIES
  bundler (~> 2.2)
  csv_diff!
  rake
  rspec (~> 3.12)

RUBY VERSION
   ruby 3.3.3p89

BUNDLED WITH
   2.5.10
